GEM
  remote: https://rubygems.org/
  specs:
    coderay (1.1.3)
    colorize (0.8.1)
    method_source (1.0.0)
    pry (0.14.1)
      coderay (~> 1.1)
      method_source (~> 1.0)
    unicode-emoji (3.1.0)
      unicode-version (~> 1.0)
    unicode-version (1.2.0)

PLATFORMS
  x86_64-darwin-20

DEPENDENCIES
  colorize
  pry
  unicode-emoji

BUNDLED WITH
   2.3.3
