GEM
  remote: https://rubygems.org/
  specs:
    ast (2.4.2)
    cli-ui (1.5.1)
    coderay (1.1.3)
    colorize (0.8.1)
    dotenv (2.8.1)
    faraday (2.7.4)
      faraday-net_http (>= 2.0, < 3.1)
      ruby2_keywords (>= 0.0.4)
    faraday-net_http (3.0.2)
    httparty (0.21.0)
      mini_mime (>= 1.0.0)
      multi_xml (>= 0.5.2)
    json (2.6.3)
    method_source (1.0.0)
    mini_mime (1.1.2)
    multi_xml (0.6.0)
    openai_chatgpt (0.2.0)
      faraday (~> 2.5)
    parallel (1.23.0)
    parser (3.2.2.1)
      ast (~> 2.4.1)
    pry (0.14.1)
      coderay (~> 1.1)
      method_source (~> 1.0)
    rainbow (3.1.1)
    regexp_parser (2.8.0)
    rexml (3.2.5)
    rubocop (1.50.2)
      json (~> 2.3)
      parallel (~> 1.10)
      parser (>= 3.2.0.0)
      rainbow (>= 2.2.2, < 4.0)
      regexp_parser (>= 1.8, < 3.0)
      rexml (>= 3.2.5, < 4.0)
      rubocop-ast (>= 1.28.0, < 2.0)
      ruby-progressbar (~> 1.7)
      unicode-display_width (>= 2.4.0, < 3.0)
    rubocop-ast (1.28.1)
      parser (>= 3.2.1.0)
    ruby-progressbar (1.13.0)
    ruby2_keywords (0.0.5)
    unicode-display_width (2.4.2)
    unicode-emoji (3.1.0)
      unicode-version (~> 1.0)
    unicode-version (1.2.0)
    zeitwerk (2.6.1)

PLATFORMS
  arm64-darwin-22
  x86_64-darwin-20

DEPENDENCIES
  cli-ui
  colorize
  dotenv
  httparty
  openai_chatgpt
  pry
  rubocop
  unicode-emoji
  zeitwerk

BUNDLED WITH
   2.3.15
