GEM
  remote: https://rubygems.org/
  specs:
    cli-ui (1.5.1)
    coderay (1.1.3)
    colorize (0.8.1)
    method_source (1.0.0)
    pry (0.14.1)
      coderay (~> 1.1)
      method_source (~> 1.0)
    unicode-emoji (3.1.0)
      unicode-version (~> 1.0)
    unicode-version (1.2.0)
    zeitwerk (2.6.1)

PLATFORMS
  x86_64-darwin-20

DEPENDENCIES
  cli-ui
  colorize
  pry
  unicode-emoji
  zeitwerk

BUNDLED WITH
   2.3.15
